GEM
  remote: https://rubygems.org/
  specs:
    colorize (0.8.1)
    file-tail (1.2.0)
      tins (~> 1.0)
    ruby2ruby (2.4.1)
      ruby_parser (~> 3.1)
      sexp_processor (~> 4.6)
    ruby_parser (3.11.0)
      sexp_processor (~> 4.9)
    sexp_processor (4.11.0)
    sourcify (0.5.0)
      file-tail (>= 1.0.5)
      ruby2ruby (>= 1.2.5)
      ruby_parser (>= 2.0.5)
      sexp_processor (>= 3.0.5)
    tins (1.16.3)

PLATFORMS
  ruby

DEPENDENCIES
  colorize
  sourcify

BUNDLED WITH
   1.16.1
